GEM
  specs:
    RedCloth (4.2.8)
    abstract (1.0.0)
    actionpack (3.0.10)
      activemodel (= 3.0.10)
      activesupport (= 3.0.10)
      builder (~> 2.1.2)
      erubis (~> 2.6.6)
      i18n (~> 0.5.0)
      rack (~> 1.2.1)
      rack-mount (~> 0.6.14)
      rack-test (~> 0.5.7)
      tzinfo (~> 0.3.23)
    activemodel (3.0.10)
      activesupport (= 3.0.10)
      builder (~> 2.1.2)
      i18n (~> 0.5.0)
    activesupport (3.0.10)
    builder (2.1.2)
    daemons (1.1.4)
    erubis (2.6.6)
      abstract (>= 1.0.0)
    eventmachine (1.0.0.beta.4)
    guides (0.7.1)
      RedCloth (~> 4.2.7)
      actionpack (~> 3.0.0)
      activesupport (~> 3.0.0)
      eventmachine (~> 1.0.0.beta.4)
      maruku (~> 0.6.0)
      rack (~> 1.2.1)
      thin (~> 1.2.7)
      thor (~> 0.14.6)
    i18n (0.5.0)
    maruku (0.6.0)
      syntax (>= 1.0.0)
    rack (1.2.4)
    rack-mount (0.6.14)
      rack (>= 1.0.0)
    rack-test (0.5.7)
      rack (>= 1.0)
    syntax (1.0.0)
    thin (1.2.11)
      daemons (>= 1.0.9)
      eventmachine (>= 0.12.6)
      rack (>= 1.0.0)
    thor (0.14.6)
    tzinfo (0.3.30)

PLATFORMS
  ruby

DEPENDENCIES
  guides
